PATH
  remote: .
  specs:
    spine-countries (0.1.0)

GEM
  remote: https://rubygems.org/
  specs:
    rake (10.4.2)

PLATFORMS
  ruby

DEPENDENCIES
  bundler (~> 1.10)
  rake (~> 10.0)
  spine-countries!

BUNDLED WITH
   1.10.2
